GEM
  remote: https://rubygems.org/
  specs:
    colored (1.2)
    cri (2.6.0)
      colored (~> 1.2)
    nanoc (3.6.11)
      cri (~> 2.3)

PLATFORMS
  ruby

DEPENDENCIES
  nanoc
